RESTRICTION: || (== net45) (== net461)
NUGET
  remote: https://www.nuget.org/api/v2
    DotLiquid (2.0.174)
    FSharp.Core (4.2.3)
    FsUnit.xUnit (3.0)
      FSharp.Core (>= 3.1.2.5)
      xunit (2.1)
    Newtonsoft.Json (10.0.3)
    Suave (2.2.1)
      FSharp.Core (>= 4.0.0.1)
    xunit (2.1)
      xunit.assert (2.1)
      xunit.core (2.1)
    xunit.abstractions (2.0)
    xunit.assert (2.1)
    xunit.core (2.1)
      xunit.extensibility.core (2.1)
      xunit.extensibility.execution (2.1)
    xunit.extensibility.core (2.1)
      xunit.abstractions (2.0)
    xunit.extensibility.execution (2.1)
      xunit.extensibility.core (2.1)
