RESTRICTION: || (== net45) (== net461)
NUGET
  remote: https://www.nuget.org/api/v2
    DotLiquid (2.0.174)
    FSharp.Core (4.2.3)
    Newtonsoft.Json (10.0.3)
    Suave (2.2.1)
      FSharp.Core (>= 4.0.0.1)
