RESTRICTION: == net452
NUGET
  remote: https://www.nuget.org/api/v2
    DotLiquid (2.0.183)
    FSharp.Core (4.2.3)
    FsUnit.xUnit (3.0)
      FSharp.Core (>= 3.1.2.5)
      xunit (2.1)
    Microsoft.CodeDom.Providers.DotNetCompilerPlatform (1.0.7)
      Microsoft.Net.Compilers (>= 1.3.2)
    Microsoft.Net.Compilers (2.3.2)
    Microsoft.NETCore.Platforms (2.0)
    NETStandard.Library (2.0)
      Microsoft.NETCore.Platforms (>= 1.1)
      System.Runtime.InteropServices.RuntimeInformation (>= 4.3)
    Newtonsoft.Json (10.0.3)
    Suave (2.2.1)
      FSharp.Core (>= 4.0.0.1)
    System.Runtime.InteropServices.RuntimeInformation (4.3)
    System.ValueTuple (4.4)
      NETStandard.Library (>= 1.6.1)
    xunit (2.1)
      xunit.assert (2.1)
      xunit.core (2.1)
    xunit.abstractions (2.0)
    xunit.assert (2.1)
    xunit.core (2.1)
      xunit.extensibility.core (2.1)
      xunit.extensibility.execution (2.1)
    xunit.extensibility.core (2.1)
      xunit.abstractions (2.0)
    xunit.extensibility.execution (2.1)
      xunit.extensibility.core (2.1)
