RESTRICTION: == net452
NUGET
  remote: https://www.nuget.org/api/v2
    DotLiquid (2.0.180)
    FSharp.Core (4.2.3)
    FsUnit.xUnit (3.0)
      FSharp.Core (>= 3.1.2.5)
      xunit (2.1)
    Microsoft.CodeDom.Providers.DotNetCompilerPlatform (1.0.5)
      Microsoft.Net.Compilers (>= 1.3.2)
    Microsoft.Net.Compilers (2.1)
    Newtonsoft.Json (10.0.3)
    Suave (2.2.1)
      FSharp.Core (>= 4.0.0.1)
    System.ValueTuple (4.3.1) - restriction: && (== net452) (>= net461)
    xunit (2.1)
      xunit.assert (2.1)
      xunit.core (2.1)
    xunit.abstractions (2.0)
    xunit.assert (2.1)
    xunit.core (2.1)
      xunit.extensibility.core (2.1)
      xunit.extensibility.execution (2.1)
    xunit.extensibility.core (2.1)
      xunit.abstractions (2.0)
    xunit.extensibility.execution (2.1)
      xunit.extensibility.core (2.1)
